GIT
  remote: https://github.com/bdurand/lumberjack.git
  revision: 1c92598df0422e176bdc06cbddf88481e9847dc2
  ref: 1c92598df0422e176bdc06cbddf88481e9847dc2
  specs:
    lumberjack (2.0.0)

PATH
  remote: .
  specs:
    lumberjack_syslog_device (2.0.0)

GEM
  remote: https://rubygems.org/
  specs:
    diff-lcs (1.3)
    rake (13.0.1)
    rspec (3.9.0)
      rspec-core (~> 3.9.0)
      rspec-expectations (~> 3.9.0)
      rspec-mocks (~> 3.9.0)
    rspec-core (3.9.1)
      rspec-support (~> 3.9.1)
    rspec-expectations (3.9.0)
      diff-lcs (>= 1.2.0, < 2.0)
      rspec-support (~> 3.9.0)
    rspec-mocks (3.9.1)
      diff-lcs (>= 1.2.0, < 2.0)
      rspec-support (~> 3.9.0)
    rspec-support (3.9.2)

PLATFORMS
  ruby

DEPENDENCIES
  lumberjack!
  lumberjack_syslog_device!
  rake
  rspec (~> 3.0)

BUNDLED WITH
   2.0.2
